PATH
  remote: .
  specs:
    vile (0.1.0)
      colorize (~> 0.7.7)
      manowar (~> 0.0.1)
      slop (~> 4.2.0)
      spinning_cursor (~> 0.3.0)

GEM
  remote: https://rubygems.org/
  specs:
    awesome_print (1.6.1)
    colorize (0.7.7)
    diff-lcs (1.2.5)
    docile (1.1.5)
    highline (1.6.21)
    json (1.8.3)
    manowar (0.0.1)
    rspec (3.3.0)
      rspec-core (~> 3.3.0)
      rspec-expectations (~> 3.3.0)
      rspec-mocks (~> 3.3.0)
    rspec-core (3.3.2)
      rspec-support (~> 3.3.0)
    rspec-expectations (3.3.1)
      diff-lcs (>= 1.2.0, < 2.0)
      rspec-support (~> 3.3.0)
    rspec-mocks (3.3.2)
      diff-lcs (>= 1.2.0, < 2.0)
      rspec-support (~> 3.3.0)
    rspec-support (3.3.0)
    simplecov (0.10.0)
      docile (~> 1.1.0)
      json (~> 1.8)
      simplecov-html (~> 0.10.0)
    simplecov-html (0.10.0)
    simplecov-lcov (0.5.0)
    slop (4.2.0)
    spinning_cursor (0.3.0)
      highline (~> 1.6.19)

PLATFORMS
  ruby

DEPENDENCIES
  awesome_print
  bundler
  rspec (~> 3.3.0)
  simplecov
  simplecov-lcov
  vile!

BUNDLED WITH
   1.10.6
