PATH
  remote: .
  specs:
    vile (0.1.0)
      commonjs (= 0.2.7)
      manowar (= 0.0.1)

GEM
  remote: https://rubygems.org/
  specs:
    awesome_print (1.6.1)
    byebug (5.0.0)
      columnize (= 0.9.0)
    coderay (1.1.0)
    columnize (0.9.0)
    commonjs (0.2.7)
    diff-lcs (1.2.5)
    docile (1.1.5)
    json (1.8.3)
    manowar (0.0.1)
    method_source (0.8.2)
    pry (0.10.1)
      coderay (~> 1.1.0)
      method_source (~> 0.8.1)
      slop (~> 3.4)
    pry-byebug (3.2.0)
      byebug (~> 5.0)
      pry (~> 0.10)
    rspec (3.3.0)
      rspec-core (~> 3.3.0)
      rspec-expectations (~> 3.3.0)
      rspec-mocks (~> 3.3.0)
    rspec-core (3.3.2)
      rspec-support (~> 3.3.0)
    rspec-expectations (3.3.1)
      diff-lcs (>= 1.2.0, < 2.0)
      rspec-support (~> 3.3.0)
    rspec-mocks (3.3.2)
      diff-lcs (>= 1.2.0, < 2.0)
      rspec-support (~> 3.3.0)
    rspec-support (3.3.0)
    simplecov (0.10.0)
      docile (~> 1.1.0)
      json (~> 1.8)
      simplecov-html (~> 0.10.0)
    simplecov-html (0.10.0)
    simplecov-lcov (0.5.0)
    slop (3.6.0)

PLATFORMS
  ruby

DEPENDENCIES
  awesome_print
  bundler (~> 1.10.6)
  pry
  pry-byebug
  rspec (~> 3.3.0)
  simplecov
  simplecov-lcov
  vile!

BUNDLED WITH
   1.10.6
